GEM
  remote: https://rubygems.org/
  specs:
    nio4r (2.4.0)
    puma (4.0.1)
      nio4r (~> 2.0)
    rack (2.1.4)

PLATFORMS
  ruby

DEPENDENCIES
  puma (~> 4.0, >= 4.0.1)
  rack (~> 2.1.4)

BUNDLED WITH
   2.0.2
